GEM
  remote: http://rubygems.org/
  specs:
    actionmailer (3.1.3)
      actionpack (= 3.1.3)
      mail (~> 2.3.0)
    actionpack (3.1.3)
      activemodel (= 3.1.3)
      activesupport (= 3.1.3)
      builder (~> 3.0.0)
      erubis (~> 2.7.0)
      i18n (~> 0.6)
      rack (~> 1.3.5)
      rack-cache (~> 1.1)
      rack-mount (~> 0.8.2)
      rack-test (~> 0.6.1)
      sprockets (~> 2.0.3)
    activemodel (3.1.3)
      activesupport (= 3.1.3)
      builder (~> 3.0.0)
      i18n (~> 0.6)
    activerecord (3.1.3)
      activemodel (= 3.1.3)
      activesupport (= 3.1.3)
      arel (~> 2.2.1)
      tzinfo (~> 0.3.29)
    activeresource (3.1.3)
      activemodel (= 3.1.3)
      activesupport (= 3.1.3)
    activesupport (3.1.3)
      multi_json (~> 1.0)
    acts-as-taggable-on (2.2.2)
      rails (~> 3.0)
    ancestry (1.2.5)
      activerecord (>= 2.2.2)
    annotate (2.4.1.beta1)
    arel (2.2.3)
    avatars_for_rails (0.2.6)
      foreigner (>= 0.9.1)
      jquery-rails (>= 1.0.9)
      paperclip (>= 2.3.4)
      rmagick (>= 2.13.1)
    bcrypt-ruby (3.0.1)
    builder (3.0.0)
    cancan (1.6.7)
    carrierwave (0.5.8)
      activesupport (~> 3.0)
    cocaine (0.2.1)
    coffee-rails (3.1.1)
      coffee-script (>= 2.2.0)
      railties (~> 3.1.0)
    coffee-script (2.2.0)
      coffee-script-source
      execjs
    coffee-script-source (1.3.1)
    delayed_paperclip (2.4.5.1)
      paperclip (>= 2.4.5)
    devise (1.5.3)
      bcrypt-ruby (~> 3.0)
      orm_adapter (~> 0.0.3)
      warden (~> 1.1)
    diff-lcs (1.1.3)
    erubis (2.7.0)
    execjs (1.3.2)
      multi_json (~> 1.0)
    factory_girl (1.3.3)
    factory_girl_rails (1.0)
      factory_girl (~> 1.3)
      rails (>= 3.0.0.beta4)
    faker (1.0.1)
      i18n (~> 0.4)
    faraday (0.8.0)
      multipart-post (~> 1.1)
    foreigner (1.1.1)
      activerecord (>= 3.0.0)
    forgery (0.5.0)
    formtastic (1.2.4)
      actionpack (>= 2.3.7)
      activesupport (>= 2.3.7)
      i18n (~> 0.4)
    geokit (1.6.5)
      multi_json
    ging-opengraph (0.0.5)
      hashie
      nokogiri (>= 1.4.0)
      rest-client (~> 1.6.0)
    gmaps4rails (1.5.2)
    has_scope (0.5.1)
    hashie (1.2.0)
    hike (1.2.1)
    hooks (0.2.0)
    httpauth (0.1)
    i18n (0.6.0)
    i18n-js (2.1.2)
      i18n
    inherited_resources (1.3.1)
      has_scope (~> 0.5.0)
      responders (~> 0.6)
    jquery-rails (1.0.19)
      railties (~> 3.0)
      thor (~> 0.14)
    json (1.7.1)
    kaminari (0.13.0)
      actionpack (>= 3.0.0)
      activesupport (>= 3.0.0)
      railties (>= 3.0.0)
    libv8 (3.3.10.4)
    linkser (0.0.12)
      ging-opengraph (~> 0.0.4)
      nokogiri (>= 1.4.0)
      rake
      rmagick (~> 2.13.1)
      ruby-imagespec (~> 0.2.0)
    mail (2.3.3)
      i18n (>= 0.4.0)
      mime-types (~> 1.16)
      treetop (~> 1.4.8)
    mailboxer (0.6.5)
      carrierwave (>= 0.5.8)
      foreigner (>= 0.9.1)
      rails (> 3.0.0)
    mime-types (1.18)
    modernizr-rails (2.0.6)
    multi_json (1.3.4)
    multipart-post (1.1.5)
    mysql2 (0.3.11)
    net-sftp (2.0.5)
      net-ssh (>= 2.0.9)
    net-ssh (2.3.0)
    nokogiri (1.4.2)
    oauth (0.4.6)
    oauth2 (0.6.1)
      faraday (~> 0.7)
      httpauth (~> 0.1)
      multi_json (~> 1.3)
    omniauth (1.0.3)
      hashie (~> 1.2)
      rack
    omniauth-facebook (1.2.0)
      omniauth-oauth2 (~> 1.0.0)
    omniauth-linkedin (0.0.6)
      omniauth-oauth (~> 1.0.0)
    omniauth-oauth (1.0.1)
      oauth
      omniauth (~> 1.0)
    omniauth-oauth2 (1.0.2)
      oauth2 (~> 0.6.0)
      omniauth (~> 1.0)
    orm_adapter (0.0.7)
    paperclip (2.4.5)
      activerecord (>= 2.3.0)
      activesupport (>= 2.3.2)
      cocaine (>= 0.0.2)
      mime-types
    paperclip-ffmpeg (0.7.0)
      paperclip (>= 2.3.8)
    polyglot (0.3.3)
    rack (1.3.6)
    rack-cache (1.2)
      rack (>= 0.4)
    rack-mount (0.8.3)
      rack (>= 1.0.0)
    rack-protection (1.2.0)
      rack
    rack-ssl (1.3.2)
      rack
    rack-test (0.6.1)
      rack (>= 1.0)
    rails (3.1.3)
      actionmailer (= 3.1.3)
      actionpack (= 3.1.3)
      activerecord (= 3.1.3)
      activeresource (= 3.1.3)
      activesupport (= 3.1.3)
      bundler (~> 1.0)
      railties (= 3.1.3)
    rails-scheduler (0.0.9)
      rails (>= 3.1.0)
      recurrence (~> 1.2.0)
    rails_autolink (1.0.7)
      rails (~> 3.1)
    railties (3.1.3)
      actionpack (= 3.1.3)
      activesupport (= 3.1.3)
      rack-ssl (~> 1.3.2)
      rake (>= 0.8.7)
      rdoc (~> 3.4)
      thor (~> 0.14.6)
    rake (0.9.2.2)
    rdoc (3.12)
      json (~> 1.4)
    recommendable (1.1.2)
      hooks
      rails (>= 3.0.0)
      redis (~> 2.2.0)
    recurrence (1.2.0)
      activesupport (>= 2.3.0)
      i18n
    redis (2.2.2)
    redis-namespace (1.0.3)
      redis (< 3.0.0)
    responders (0.9.1)
      railties (~> 3.1)
    resque (1.20.0)
      multi_json (~> 1.0)
      redis-namespace (~> 1.0.2)
      sinatra (>= 0.9.2)
      vegas (~> 0.1.2)
    resque-loner (1.2.1)
      resque (~> 1.0)
    rest-client (1.6.7)
      mime-types (>= 1.16)
    riddle (1.5.1)
    rmagick (2.13.1)
    rspec (2.6.0)
      rspec-core (~> 2.6.0)
      rspec-expectations (~> 2.6.0)
      rspec-mocks (~> 2.6.0)
    rspec-core (2.6.4)
    rspec-expectations (2.6.0)
      diff-lcs (~> 1.1.2)
    rspec-mocks (2.6.0)
    rspec-rails (2.6.1)
      actionpack (~> 3.0)
      activesupport (~> 3.0)
      railties (~> 3.0)
      rspec (~> 2.6.0)
    ruby-imagespec (0.2.0)
    sass (3.1.17)
    sass-rails (3.1.6)
      actionpack (~> 3.1.0)
      railties (~> 3.1.0)
      sass (>= 3.1.10)
      tilt (~> 1.3.2)
    sinatra (1.3.2)
      rack (~> 1.3, >= 1.3.6)
      rack-protection (~> 1.2)
      tilt (~> 1.3, >= 1.3.3)
    social_cheesecake (0.4.0)
      railties (>= 3.1.3)
    social_stream (0.26.0)
      social_stream-base (~> 0.20.0)
      social_stream-documents (~> 0.14.0)
      social_stream-events (~> 0.12.0)
      social_stream-linkser (~> 0.11.0)
      social_stream-presence (~> 0.13.0)
    social_stream-base (0.20.0)
      acts-as-taggable-on (~> 2.2.2)
      ancestry (~> 1.2.3)
      avatars_for_rails (~> 0.2.5)
      cancan (~> 1.6.4)
      devise (~> 1.5.3)
      foreigner (~> 1.1.1)
      formtastic (~> 1.2.3)
      i18n-js (~> 2.1.2)
      inherited_resources (~> 1.3.0)
      jquery-rails (>= 1.0.9)
      kaminari (~> 0.13.0)
      mailboxer (~> 0.6.5)
      modernizr-rails (~> 2.0.6)
      omniauth (~> 1.0.2)
      omniauth-facebook (~> 1.2.0)
      omniauth-linkedin (~> 0.0.6)
      rails (>= 3.1.0)
      rails_autolink (~> 1.0.4)
      resque (~> 1.20.0)
      sass-rails (>= 3.1.0)
      social_cheesecake (~> 0.4.0)
      stringex (~> 1.3.0)
      thinking-sphinx (~> 2.0.8)
    social_stream-documents (0.14.0)
      delayed_paperclip (= 2.4.5.1)
      paperclip (= 2.4.5)
      paperclip-ffmpeg (~> 0.7.0)
      social_stream-base (~> 0.20.0)
    social_stream-events (0.12.0)
      coffee-rails (>= 3.1.0)
      rails-scheduler (~> 0.0.8)
      social_stream-base (~> 0.20.0)
    social_stream-linkser (0.11.0)
      linkser (~> 0.0.10)
      social_stream-base (~> 0.20.0)
    social_stream-presence (0.13.0)
      net-sftp
      net-ssh
      social_stream-base (~> 0.20.0)
      xmpp4r
    sprockets (2.0.4)
      hike (~> 1.2)
      rack (~> 1.0)
      tilt (~> 1.1, != 1.3.0)
    stringex (1.3.3)
    therubyracer (0.10.1)
      libv8 (~> 3.3.10)
    thinking-sphinx (2.0.11)
      activerecord (>= 3.0.3)
      builder (>= 2.1.2)
      riddle (>= 1.5.0)
    thor (0.14.6)
    tilt (1.3.3)
    treetop (1.4.10)
      polyglot
      polyglot (>= 0.3.1)
    tzinfo (0.3.33)
    uglifier (1.2.4)
      execjs (>= 0.3.0)
      multi_json (>= 1.0.2)
    vegas (0.1.11)
      rack (>= 1.0.0)
    warden (1.1.1)
      rack (>= 1.0)
    webrat (0.7.1)
      nokogiri (>= 1.2.0)
      rack (>= 1.0)
      rack-test (>= 0.5.3)
    xmpp4r (0.5)

PLATFORMS
  ruby

DEPENDENCIES
  annotate (~> 2.4.1.beta)
  coffee-rails (~> 3.1.1)
  factory_girl_rails (= 1.0)
  faker
  foreigner (= 1.1.1)
  forgery (= 0.5.0)
  geokit
  gmaps4rails
  jquery-rails
  mysql2
  nokogiri (= 1.4.2)
  rails (= 3.1.3)
  recommendable (= 1.1.2)
  resque-loner
  rspec-rails (= 2.6.1)
  sass-rails (~> 3.1.5)
  social_stream (= 0.26.0)
  therubyracer
  uglifier (>= 1.0.3)
  webrat (= 0.7.1)
